GEM
  remote: https://rubygems.org/
  specs:
    diff-lcs (1.2.5)
    geokit (1.8.4)
      multi_json (>= 1.3.2)
    multi_json (1.9.0)
    rspec (2.14.1)
      rspec-core (~> 2.14.0)
      rspec-expectations (~> 2.14.0)
      rspec-mocks (~> 2.14.0)
    rspec-core (2.14.8)
    rspec-expectations (2.14.5)
      diff-lcs (>= 1.1.3, < 2.0)
    rspec-mocks (2.14.6)
    ruby-sun-times (0.1.5)

PLATFORMS
  ruby

DEPENDENCIES
  geokit
  rspec
  ruby-sun-times
